GEM
  remote: https://rubygems.org/
  specs:
    actionmailer (3.2.0)
      actionpack (= 3.2.0)
      mail (~> 2.4.0)
    actionpack (3.2.0)
      activemodel (= 3.2.0)
      activesupport (= 3.2.0)
      builder (~> 3.0.0)
      erubis (~> 2.7.0)
      journey (~> 1.0.0)
      rack (~> 1.4.0)
      rack-cache (~> 1.1)
      rack-test (~> 0.6.1)
      sprockets (~> 2.1.2)
    activemodel (3.2.0)
      activesupport (= 3.2.0)
      builder (~> 3.0.0)
    activerecord (3.2.0)
      activemodel (= 3.2.0)
      activesupport (= 3.2.0)
      arel (~> 3.0.0)
      tzinfo (~> 0.3.29)
    activeresource (3.2.0)
      activemodel (= 3.2.0)
      activesupport (= 3.2.0)
    activesupport (3.2.0)
      i18n (~> 0.6)
      multi_json (~> 1.0)
    annotate (2.4.0)
    arel (3.0.2)
    bootstrap-sass (1.4.4)
      sass-rails (~> 3.1)
    builder (3.0.0)
    carrierwave (0.5.8)
      activesupport (~> 3.0)
    coffee-rails (3.2.2)
      coffee-script (>= 2.2.0)
      railties (~> 3.2.0)
    coffee-script (2.2.0)
      coffee-script-source
      execjs
    coffee-script-source (1.2.0)
    colored (1.2)
    erubis (2.7.0)
    excon (0.6.6)
    execjs (1.3.0)
      multi_json (~> 1.0)
    fog (0.9.0)
      builder
      excon (~> 0.6.1)
      formatador (>= 0.1.3)
      json
      mime-types
      net-scp (>= 1.0.4)
      net-ssh (>= 2.1.4)
      nokogiri (>= 1.4.4)
      ruby-hmac
    formatador (0.2.1)
    formtastic (2.1.1)
      actionpack (~> 3.0)
    formtastic-bootstrap (1.1.1)
      formtastic
      rails (~> 3.1)
    hike (1.2.1)
    i18n (0.6.0)
    journey (1.0.3)
    jquery-rails (2.0.1)
      railties (>= 3.2.0, < 5.0)
      thor (~> 0.14)
    json (1.6.5)
    mail (2.4.3)
      i18n (>= 0.4.0)
      mime-types (~> 1.16)
      treetop (~> 1.4.8)
    meta_search (1.1.3)
      actionpack (~> 3.1)
      activerecord (~> 3.1)
      activesupport (~> 3.1)
      polyamorous (~> 0.5.0)
    mime-types (1.17.2)
    multi_json (1.1.0)
    mysql2 (0.3.11)
    net-scp (1.0.4)
      net-ssh (>= 1.99.1)
    net-ssh (2.3.0)
    nokogiri (1.5.0)
    polyamorous (0.5.0)
      activerecord (~> 3.0)
    polyglot (0.3.3)
    rack (1.4.1)
    rack-cache (1.2)
      rack (>= 0.4)
    rack-ssl (1.3.2)
      rack
    rack-test (0.6.1)
      rack (>= 1.0)
    rails (3.2.0)
      actionmailer (= 3.2.0)
      actionpack (= 3.2.0)
      activerecord (= 3.2.0)
      activeresource (= 3.2.0)
      activesupport (= 3.2.0)
      bundler (~> 1.0)
      railties (= 3.2.0)
    railties (3.2.0)
      actionpack (= 3.2.0)
      activesupport (= 3.2.0)
      rack-ssl (~> 1.3.2)
      rake (>= 0.8.7)
      rdoc (~> 3.4)
      thor (~> 0.14.6)
    rake (0.9.2.2)
    rdoc (3.12)
      json (~> 1.4)
    rmagick (2.13.1)
    ruby-hmac (0.4.0)
    sass (3.1.15)
    sass-rails (3.2.4)
      railties (~> 3.2.0)
      sass (>= 3.1.10)
      tilt (~> 1.3)
    sprockets (2.1.2)
      hike (~> 1.2)
      rack (~> 1.0)
      tilt (~> 1.1, != 1.3.0)
    tabulous (1.2.0)
      colored (~> 1.2.0)
      rails (~> 3.0)
    thor (0.14.6)
    tilt (1.3.3)
    treetop (1.4.10)
      polyglot
      polyglot (>= 0.3.1)
    tzinfo (0.3.32)
    uglifier (1.2.3)
      execjs (>= 0.3.0)
      multi_json (>= 1.0.2)
    will_paginate (3.0.3)

PLATFORMS
  ruby

DEPENDENCIES
  annotate
  bootstrap-sass (= 1.4.4)
  carrierwave
  coffee-rails (~> 3.2.1)
  fog
  formtastic-bootstrap
  jquery-rails
  meta_search
  mysql2 (= 0.3.11)
  rails (= 3.2.0)
  rmagick
  sass-rails (~> 3.2.3)
  tabulous
  uglifier (>= 1.0.3)
  will_paginate (~> 3.0)
